GEM
  remote: http://rubygems.org/
  specs:
    haml (4.0.1)
      tilt
    rack (1.5.2)
    rack-protection (1.5.0)
      rack
    sequel (3.20.0)
    sinatra (1.4.0)
      rack (~> 1.5, >= 1.5.2)
      rack-protection (~> 1.4)
      tilt (~> 1.3, >= 1.3.4)
    tilt (1.3.6)

PLATFORMS
  x86-mingw32

DEPENDENCIES
  haml (>= 3.1.4)
  sequel (= 3.20.0)
  sinatra (= 1.4.0)
